PATH
  remote: .
  specs:
    fluent-plugin-remote-syslog (1.2)
      fluent-mixin-config-placeholders
      fluentd (= 1.14.6)
      syslog_protocol

GEM
  remote: http://rubygems.org/
  specs:
    concurrent-ruby (1.2.2)
    cool.io (1.7.1)
    fluent-mixin-config-placeholders (0.4.0)
      fluentd
      uuidtools (>= 2.1.5)
    fluentd (1.14.6)
      bundler
      cool.io (>= 1.4.5, < 2.0.0)
      http_parser.rb (>= 0.5.1, < 0.9.0)
      msgpack (>= 1.3.1, < 2.0.0)
      serverengine (>= 2.2.5, < 3.0.0)
      sigdump (~> 0.2.2)
      strptime (>= 0.2.4, < 1.0.0)
      tzinfo (>= 1.0, < 3.0)
      tzinfo-data (~> 1.0)
      webrick (>= 1.4.2, < 1.8.0)
      yajl-ruby (~> 1.0)
    http_parser.rb (0.8.0)
    msgpack (1.6.1)
    power_assert (1.1.7)
    rake (13.0.6)
    serverengine (2.3.1)
      sigdump (~> 0.2.2)
    sigdump (0.2.4)
    strptime (0.2.5)
    syslog_protocol (0.9.2)
    test-unit (3.3.4)
      power_assert
    tzinfo (2.0.6)
      concurrent-ruby (~> 1.0)
    tzinfo-data (1.2022.7)
      tzinfo (>= 1.0.0)
    uuidtools (2.2.0)
    webrick (1.7.0)
    yajl-ruby (1.4.3)

PLATFORMS
  ruby

DEPENDENCIES
  fluent-plugin-remote-syslog!
  rake (>= 0.9.2)
  test-unit (~> 3.2)

BUNDLED WITH
   2.1.4
