PATH
  remote: .
  specs:
    fluent-plugin-collected (1.1.0)
      fluentd (= 1.14.6)
      prometheus-client (>= 2.1.0)

GEM
  remote: https://rubygems.org/
  specs:
    concurrent-ruby (1.1.10)
    cool.io (1.7.1)
    fluent-plugin-prometheus (2.0.2)
      fluentd (>= 1.9.1, < 2)
      prometheus-client (>= 2.1.0)
    fluentd (1.14.6)
      bundler
      cool.io (>= 1.4.5, < 2.0.0)
      http_parser.rb (>= 0.5.1, < 0.9.0)
      msgpack (>= 1.3.1, < 2.0.0)
      serverengine (>= 2.2.5, < 3.0.0)
      sigdump (~> 0.2.2)
      strptime (>= 0.2.4, < 1.0.0)
      tzinfo (>= 1.0, < 3.0)
      tzinfo-data (~> 1.0)
      webrick (>= 1.4.2, < 1.8.0)
      yajl-ruby (~> 1.0)
    http_parser.rb (0.8.0)
    msgpack (1.4.5)
    power_assert (2.0.1)
    prometheus-client (4.0.0)
    rake (10.5.0)
    rr (3.0.9)
    serverengine (2.2.5)
      sigdump (~> 0.2.2)
    sigdump (0.2.4)
    strptime (0.2.5)
    test-unit (3.5.3)
      power_assert
    test-unit-rr (1.0.5)
      rr (>= 1.1.1)
      test-unit (>= 2.5.2)
    tzinfo (2.0.4)
      concurrent-ruby (~> 1.0)
    tzinfo-data (1.2022.1)
      tzinfo (>= 1.0.0)
    webrick (1.7.0)
    yajl-ruby (1.4.1)

PLATFORMS
  x86_64-linux

DEPENDENCIES
  fluent-plugin-collected!
  fluent-plugin-prometheus (~> 2.0.2)
  rake (~> 10.0)
  test-unit (~> 3.0)
  test-unit-rr (~> 1.0)

BUNDLED WITH
   2.3.16
