PATH
  remote: .
  specs:
    syslog_protocol (0.9.2)

GEM
  remote: http://rubygems.org/
  specs:
    bacon (1.1.0)
    psych (4.0.3)
      stringio
    rake (12.3.3)
    rdoc (6.5.0)
      psych (>= 4.0.0)
    stringio (3.0.1)

PLATFORMS
  x86_64-linux

DEPENDENCIES
  bacon (~> 1.1.0)
  rake (~> 12.0)
  rdoc
  syslog_protocol!

BUNDLED WITH
   2.3.16
