PATH
  remote: .
  specs:
    filter_elasticsearch_genid_ext (0.0.2)
      fluentd (= 1.16.2)

GEM
  remote: https://rubygems.org/
  specs:
    codeclimate-test-reporter (1.0.9)
      simplecov (<= 0.13)
    concurrent-ruby (1.2.0)
    cool.io (1.7.1)
    docile (1.1.5)
    fluentd (1.16.2)
      bundler
      cool.io (>= 1.4.5, < 2.0.0)
      http_parser.rb (>= 0.5.1, < 0.9.0)
      msgpack (>= 1.3.1, < 2.0.0)
      serverengine (>= 2.3.2, < 3.0.0)
      sigdump (~> 0.2.5)
      strptime (>= 0.2.4, < 1.0.0)
      tzinfo (>= 1.0, < 3.0)
      tzinfo-data (~> 1.0)
      webrick (~> 1.4)
      yajl-ruby (~> 1.0)
    http_parser.rb (0.8.0)
    json (2.6.1)
    msgpack (1.6.0)
    power_assert (2.0.1)
    rake (11.3.0)
    rr (1.2.1)
    serverengine (2.3.2)
      sigdump (~> 0.2.2)
    sigdump (0.2.5)
    simplecov (0.13.0)
      docile (~> 1.1.0)
      json (>= 1.8, < 3)
      simplecov-html (~> 0.10.0)
    simplecov-html (0.10.2)
    strptime (0.2.5)
    test-unit (3.5.7)
      power_assert
    test-unit-rr (1.0.5)
      rr (>= 1.1.1)
      test-unit (>= 2.5.2)
    tzinfo (2.0.6)
      concurrent-ruby (~> 1.0)
    tzinfo-data (1.2022.7)
      tzinfo (>= 1.0.0)
    webrick (1.7.0)
    yajl-ruby (1.4.3)

PLATFORMS
  x86_64-linux

DEPENDENCIES
  bundler
  codeclimate-test-reporter
  filter_elasticsearch_genid_ext!
  rake (~> 11.0)
  rr (~> 1.0)
  test-unit (~> 3.2)
  test-unit-rr (~> 1.0)

BUNDLED WITH
   2.4.18
