PATH
  remote: ../syslog_protocol
  specs:
    syslog_protocol (0.9.2)

PATH
  remote: .
  specs:
    remote_syslog_sender (1.2.1)
      syslog_protocol

GEM
  remote: https://rubygems.org/
  specs:
    power_assert (2.0.1)
    rake (13.0.6)
    test-unit (3.5.7)
      power_assert

PLATFORMS
  x86_64-linux

DEPENDENCIES
  bundler
  rake
  remote_syslog_sender!
  syslog_protocol!
  test-unit

BUNDLED WITH
   2.3.16
